GIT
  remote: https://github.com/capistrano/sshkit.git
  revision: da27581a3001ce5a29ab2840933a00d57dcd6ea8
  specs:
    sshkit (1.7.1)
      net-scp (>= 1.1.2)
      net-ssh (>= 2.8.0)

GIT
  remote: https://github.com/itamae-kitchen/itamae.git
  revision: 38f73d14884eb3740fafa451333f50e29b016ace
  specs:
    itamae (1.5.2)
      ansi
      hashie
      schash (~> 0.1.0)
      specinfra (>= 2.37.0, < 3.0.0)
      thor

GEM
  remote: https://rubygems.org/
  specs:
    ansi (1.5.0)
    aws-sdk-core (2.0.48)
      builder (~> 3.0)
      jmespath (~> 1.0)
      multi_json (~> 1.0)
    aws-sdk-v1 (1.66.0)
      json (~> 1.4)
      nokogiri (>= 1.4.4)
    builder (3.2.2)
    capistrano (3.4.0)
      i18n
      rake (>= 10.0.0)
      sshkit (~> 1.3)
    capybara (2.5.0)
      mime-types (>= 1.16)
      nokogiri (>= 1.3.3)
      rack (>= 1.0.0)
      rack-test (>= 0.5.4)
      xpath (~> 2.0)
    cliver (0.3.2)
    diff-lcs (1.2.5)
    faraday (0.9.1)
      multipart-post (>= 1.2, < 3)
    hashie (3.4.2)
    highline (1.7.3)
    i18n (0.7.0)
    infrataster (0.3.0)
      capybara
      faraday
      net-ssh
      net-ssh-gateway
      poltergeist
      rspec (>= 2.0, < 4.0)
      thor
    itamae-secrets (0.1.0)
      thor
    jmespath (1.0.2)
      multi_json (~> 1.0)
    json (1.8.3)
    macaddr (1.7.1)
      systemu (~> 2.6.2)
    miam (0.2.1.beta2)
      aws-sdk-core (~> 2.0.42)
      parallel
      ruby-progressbar
      term-ansicolor
    mime-types (2.6.1)
    mini_portile (0.6.2)
    multi_json (1.11.2)
    multipart-post (2.0.0)
    net-dns2 (0.8.7)
      packetfu
    net-scp (1.2.1)
      net-ssh (>= 2.6.5)
    net-ssh (2.9.2)
    net-ssh-gateway (1.2.0)
      net-ssh (>= 2.6.5)
    net-telnet (0.1.1)
    network_interface (0.0.1)
    nokogiri (1.6.6.2)
      mini_portile (~> 0.6.0)
    packetfu (1.1.11)
      network_interface (~> 0.0)
      pcaprub (~> 0.12)
    parallel (1.6.1)
    pcaprub (0.12.0)
    piculet (0.2.8)
      aws-sdk-v1 (>= 1.48.0)
      term-ansicolor (>= 1.2.2)
    poltergeist (1.6.0)
      capybara (~> 2.1)
      cliver (~> 0.3.1)
      multi_json (~> 1.0)
      websocket-driver (>= 0.2.0)
    rack (1.6.4)
    rack-test (0.6.3)
      rack (>= 1.0)
    rake (10.4.2)
    roadworker (0.5.5.beta)
      aws-sdk-v1 (>= 1.62.0)
      net-dns2 (~> 0.8.6)
      systemu
      term-ansicolor
      uuid
    rspec (3.3.0)
      rspec-core (~> 3.3.0)
      rspec-expectations (~> 3.3.0)
      rspec-mocks (~> 3.3.0)
    rspec-core (3.3.2)
      rspec-support (~> 3.3.0)
    rspec-expectations (3.3.1)
      diff-lcs (>= 1.2.0, < 2.0)
      rspec-support (~> 3.3.0)
    rspec-mocks (3.3.2)
      diff-lcs (>= 1.2.0, < 2.0)
      rspec-support (~> 3.3.0)
    rspec-support (3.3.0)
    ruby-progressbar (1.7.5)
    schash (0.1.2)
    sfl (2.2)
    specinfra (2.43.2)
      net-scp
      net-ssh (~> 2.7)
      net-telnet
      sfl
    systemu (2.6.5)
    term-ansicolor (1.3.2)
      tins (~> 1.0)
    thor (0.19.1)
    tins (1.6.0)
    uuid (2.3.8)
      macaddr (~> 1.0)
    websocket-driver (0.6.2)
      websocket-extensions (>= 0.1.0)
    websocket-extensions (0.1.2)
    xpath (2.0.0)
      nokogiri (~> 1.3)

PLATFORMS
  ruby

DEPENDENCIES
  capistrano
  highline
  infrataster
  itamae!
  itamae-secrets
  miam (= 0.2.1.beta2)
  net-ssh
  net-telnet
  piculet
  roadworker (= 0.5.5.beta)
  sshkit!

BUNDLED WITH
   1.10.3
