GIT
  remote: https://github.com/capistrano/sshkit.git
  revision: ea211bcbbb71dab0152a18c2774922b7017e4edc
  specs:
    sshkit (1.7.1)
      colorize (>= 0.7.0)
      net-scp (>= 1.1.2)
      net-ssh (>= 2.8.0)

GIT
  remote: https://github.com/itamae-kitchen/itamae.git
  revision: be5f9dcd76c5a21e827279a7ba11a49ae8d2b047
  specs:
    itamae (1.2.17)
      ansi
      hashie
      schash (~> 0.1.0)
      specinfra (>= 2.31.0, < 3.0.0)
      thor

GEM
  remote: https://rubygems.org/
  specs:
    ansi (1.5.0)
    aws-sdk-core (2.0.45)
      builder (~> 3.0)
      jmespath (~> 1.0)
      multi_json (~> 1.0)
    aws-sdk-v1 (1.64.0)
      json (~> 1.4)
      nokogiri (>= 1.4.4)
    builder (3.2.2)
    capistrano (3.4.0)
      i18n
      rake (>= 10.0.0)
      sshkit (~> 1.3)
    colorize (0.7.7)
    hashie (3.4.1)
    i18n (0.7.0)
    jmespath (1.0.2)
      multi_json (~> 1.0)
    json (1.8.2)
    macaddr (1.7.1)
      systemu (~> 2.6.2)
    miam (0.2.1.beta2)
      aws-sdk-core (~> 2.0.42)
      parallel
      ruby-progressbar
      term-ansicolor
    mini_portile (0.6.2)
    multi_json (1.11.0)
    net-dns2 (0.8.7)
      packetfu
    net-scp (1.2.1)
      net-ssh (>= 2.6.5)
    net-ssh (2.9.2)
    nokogiri (1.6.6.2)
      mini_portile (~> 0.6.0)
    packetfu (1.1.10)
    parallel (1.4.1)
    rake (10.4.2)
    roadworker (0.5.5.beta)
      aws-sdk-v1 (>= 1.62.0)
      net-dns2 (~> 0.8.6)
      systemu
      term-ansicolor
      uuid
    ruby-progressbar (1.7.5)
    schash (0.1.1)
    specinfra (2.34.1)
      net-scp
      net-ssh
    systemu (2.6.5)
    term-ansicolor (1.3.0)
      tins (~> 1.0)
    thor (0.19.1)
    tins (1.5.1)
    uuid (2.3.7)
      macaddr (~> 1.0)

PLATFORMS
  ruby

DEPENDENCIES
  capistrano
  itamae!
  miam (= 0.2.1.beta2)
  roadworker (= 0.5.5.beta)
  sshkit!
